GEM
  remote: http://rubygems.org/
  specs:
    rack (1.3.5)

PLATFORMS
  ruby

DEPENDENCIES
  rack
